GEM
  remote: https://rubygems.org/
  specs:
    facets (2.9.3)
    puma (2.10.2)
      rack (>= 1.1, < 2.0)
    rack (1.5.2)
    rack-envinspector (0.1)
    rack-heartbeat (1.0)
      rack
    rack-requestid (0.1)

PLATFORMS
  ruby

DEPENDENCIES
  facets
  puma
  rack-envinspector
  rack-heartbeat
  rack-requestid
